GEM
  remote: http://rubygems.org/
  specs:
    activemodel (3.0.5)
      activesupport (= 3.0.5)
      builder (~> 2.1.2)
      i18n (~> 0.4)
    activerecord (3.0.5)
      activemodel (= 3.0.5)
      activesupport (= 3.0.5)
      arel (~> 2.0.2)
      tzinfo (~> 0.3.23)
    activesupport (3.0.5)
    arel (2.0.9)
    builder (2.1.2)
    i18n (0.5.0)
    mysql2 (0.2.7)
    rack (1.2.2)
    rake (0.8.7)
    sinatra (1.2.6)
      rack (~> 1.1)
      tilt (< 2.0, >= 1.2.2)
    sinatra-activerecord (0.1.3)
      sinatra (>= 0.9.4)
    slim (0.9.4)
      temple (~> 0.3.0)
      tilt (~> 1.2)
    temple (0.3.1)
    tilt (1.3.2)
    tzinfo (0.3.25)

PLATFORMS
  ruby

DEPENDENCIES
  activerecord
  activesupport
  mysql2
  rake
  sinatra
  sinatra-activerecord
  slim
