GEM
  remote: http://rubygems.org/
  specs:
    activemodel (3.0.5)
      activesupport (= 3.0.5)
      builder (~> 2.1.2)
      i18n (~> 0.4)
    activerecord (3.0.5)
      activemodel (= 3.0.5)
      activesupport (= 3.0.5)
      arel (~> 2.0.2)
      tzinfo (~> 0.3.23)
    activesupport (3.0.5)
    addressable (2.2.6)
    arel (2.0.9)
    builder (2.1.2)
    em-http-request (0.3.0)
      addressable (>= 2.0.0)
      escape_utils
      eventmachine (>= 0.12.9)
    escape_utils (0.2.3)
    eventmachine (0.12.10)
    i18n (0.5.0)
    json (1.5.2)
    mysql2 (0.2.7)
    oauth (0.4.4)
    rack (1.2.2)
    rake (0.8.7)
    sinatra (1.2.6)
      rack (~> 1.1)
      tilt (< 2.0, >= 1.2.2)
    sinatra-activerecord (0.1.3)
      sinatra (>= 0.9.4)
    slim (0.9.4)
      temple (~> 0.3.0)
      tilt (~> 1.2)
    temple (0.3.1)
    tilt (1.3.2)
    tzinfo (0.3.25)

PLATFORMS
  ruby

DEPENDENCIES
  activerecord
  activesupport
  em-http-request
  eventmachine
  json
  mysql2
  oauth
  rake
  sinatra
  sinatra-activerecord
  slim
